GEM
  remote: https://rubygems.org/
  specs:
    celluloid (0.15.2)
      timers (~> 1.1.0)
    sequel (4.3.0)
    sqlite3 (1.3.8)
    timers (1.1.0)

PLATFORMS
  ruby

DEPENDENCIES
  celluloid
  sequel
  sqlite3
